GEM
  remote: http://rubygems.org/
  specs:
    addressable (2.2.8)
    backports (2.6.1)
    eventmachine (0.12.10)
    excon (0.14.0)
    haml (3.1.6)
    heroku (2.26.6)
      heroku-api (~> 0.2.4)
      launchy (>= 0.3.2)
      netrc (~> 0.7.2)
      rest-client (~> 1.6.1)
      rubyzip
    heroku-api (0.2.4)
      excon (~> 0.14.0)
    launchy (2.1.0)
      addressable (~> 2.2.6)
    mime-types (1.18)
    netrc (0.7.4)
    oyster (0.9.5)
    packr (3.1.1)
      oyster (>= 0.9.5)
    rack (1.4.1)
    rack-protection (1.2.0)
      rack
    rack-test (0.6.1)
      rack (>= 1.0)
    rainpress (1.0)
    rest-client (1.6.7)
      mime-types (>= 1.16)
    rubyzip (0.9.8)
    sinatra (1.3.2)
      rack (~> 1.3, >= 1.3.6)
      rack-protection (~> 1.2)
      tilt (~> 1.3, >= 1.3.3)
    sinatra-contrib (1.3.1)
      backports (>= 2.0)
      eventmachine
      rack-protection
      rack-test
      sinatra (~> 1.3.0)
      tilt (~> 1.3)
    tilt (1.3.3)

PLATFORMS
  ruby

DEPENDENCIES
  addressable (= 2.2.8)
  bundler
  excon (= 0.14.0)
  haml (= 3.1.6)
  heroku (= 2.26.6)
  heroku-api (= 0.2.4)
  launchy (= 2.1.0)
  mime-types (= 1.18)
  netrc (= 0.7.4)
  oyster (= 0.9.5)
  packr (= 3.1.1)
  rack (= 1.4.1)
  rack-protection (= 1.2.0)
  rainpress (= 1.0)
  rest-client (= 1.6.7)
  rubyzip (= 0.9.8)
  sinatra (~> 1.3.2)
  sinatra-contrib
  tilt (= 1.3.3)
