GEM
  remote: http://rubygems.org/
  specs:
    addressable (2.2.8)
    haml (3.0.25)
    heroku (2.2.9)
      launchy (>= 0.3.2)
      rest-client (~> 1.6.1)
      term-ansicolor (~> 1.0.5)
    launchy (2.1.0)
      addressable (~> 2.2.6)
    mime-types (1.18)
    oyster (0.9.5)
    packr (3.1.1)
      oyster (>= 0.9.5)
    rack (1.4.1)
    rainpress (1.0)
    rest-client (1.6.7)
      mime-types (>= 1.16)
    sinatra (1.1.3)
      rack (~> 1.1)
      tilt (>= 1.2.2, < 2.0)
    sinatra-bundles (0.5.1)
      packr (~> 3.1.0)
      rack (~> 1.0)
      rainpress (~> 1.0)
      sinatra (~> 1.1.0)
    sinatra-content-for2 (0.2.4)
      sinatra
    term-ansicolor (1.0.7)
    tilt (1.3.3)

PLATFORMS
  ruby

DEPENDENCIES
  haml (= 3.0.25)
  heroku (~> 2.2.8)
  sinatra (= 1.1.3)
  sinatra-bundles (= 0.5.1)
  sinatra-content-for2 (= 0.2.4)
