GEM
  remote: http://rubygems.org/
  specs:
    addressable (2.2.8)
    excon (0.14.0)
    haml (3.1.6)
    heroku (2.26.6)
      heroku-api (~> 0.2.4)
      launchy (>= 0.3.2)
      netrc (~> 0.7.2)
      rest-client (~> 1.6.1)
      rubyzip
    heroku-api (0.2.4)
      excon (~> 0.14.0)
    launchy (2.1.0)
      addressable (~> 2.2.6)
    mime-types (1.18)
    netrc (0.7.4)
    oyster (0.9.5)
    packr (3.1.1)
      oyster (>= 0.9.5)
    rack (1.4.1)
    rack-protection (1.2.0)
      rack
    rainpress (1.0)
    rest-client (1.6.7)
      mime-types (>= 1.16)
    rubyzip (0.9.8)
    sinatra (1.3.2)
      rack (~> 1.3, >= 1.3.6)
      rack-protection (~> 1.2)
      tilt (~> 1.3, >= 1.3.3)
    sinatra-bundles (0.5.3)
      packr (~> 3.1.0)
      rack (~> 1.0)
      rainpress (~> 1.0)
      sinatra (~> 1.2)
    sinatra-content-for2 (0.3)
      sinatra
    tilt (1.3.3)

PLATFORMS
  ruby

DEPENDENCIES
  haml
  heroku
  sinatra (= 1.3.2)
  sinatra-bundles (= 0.5.3)
  sinatra-content-for2 (= 0.3)
